GEM
  remote: https://rubygems.org/
  specs:
    gettext (3.2.9)
      locale (>= 2.0.5)
      text (>= 1.3.0)
    kramdown (1.17.0)
    locale (2.1.2)
    text (1.3.1)

PLATFORMS
  ruby

DEPENDENCIES
  gettext
  kramdown

BUNDLED WITH
   1.16.6
