GIT
  remote: https://github.com/wstephenson/ruby-aubio.git
  revision: 5396d143dd9068a4fe7a928e4e6e25c356138b10
  specs:
    aubio (0.3.1)
      ffi (~> 1.9)

GEM
  remote: https://rubygems.org/
  specs:
    activesupport (5.2.1)
      concurrent-ruby (~> 1.0, >= 1.0.2)
      i18n (>= 0.7, < 2)
      minitest (~> 5.1)
      tzinfo (~> 1.1)
    concurrent-ruby (1.1.3)
    fast_osc (0.0.12)
    ffi (1.9.25)
    gettext (3.2.9)
      locale (>= 2.0.5)
      text (>= 1.3.0)
    hamster (3.0.0)
      concurrent-ruby (~> 1.0)
    i18n (1.1.1)
      concurrent-ruby (~> 1.0)
    kramdown (1.17.0)
    locale (2.1.2)
    memoist (0.16.0)
    minitest (5.11.3)
    multi_json (1.13.1)
    rubame (0.0.2)
      websocket (~> 1.0)
    ruby-beautify (0.97.4)
    rugged (0.27.5)
    text (1.3.1)
    thread_safe (0.3.6)
    tzinfo (1.2.5)
      thread_safe (~> 0.1)
    wavefile (1.0.1)
    websocket (1.2.8)

PLATFORMS
  ruby

DEPENDENCIES
  activesupport
  aubio!
  fast_osc
  gettext
  hamster
  kramdown
  memoist
  multi_json
  rubame
  ruby-beautify
  rugged
  wavefile

BUNDLED WITH
   1.16.6
